REDIRECTS: OFF
COPY-CONTENT-TO-OUTPUT-DIR: ALWAYS
CONTENT: ONCE
RESTRICTION: == net472
NUGET
  remote: https://api.nuget.org/v3/index.json
    Castle.Core (4.4)
    DataAnnotationsValidator (2.1)
    FluentAssertions (5.9)
    Gigya.ServiceContract (2.7.1)
      Newtonsoft.Json (>= 9.0.1)
    Metrics.NET (0.5.5)
    Microsoft.AspNetCore.Connections.Abstractions (2.2)
      Microsoft.AspNetCore.Http.Features (>= 2.2)
      System.IO.Pipelines (>= 4.5.2)
    Microsoft.AspNetCore.Hosting (2.2.7)
      Microsoft.AspNetCore.Hosting.Abstractions (>= 2.2)
      Microsoft.AspNetCore.Http (>= 2.2)
      Microsoft.AspNetCore.Http.Extensions (>= 2.2)
      Microsoft.Extensions.Configuration (>= 2.2)
      Microsoft.Extensions.Configuration.EnvironmentVariables (>= 2.2.4)
      Microsoft.Extensions.Configuration.FileExtensions (>= 2.2)
      Microsoft.Extensions.DependencyInjection (>= 2.2)
      Microsoft.Extensions.FileProviders.Physical (>= 2.2)
      Microsoft.Extensions.Hosting.Abstractions (>= 2.2)
      Microsoft.Extensions.Logging (>= 2.2)
      Microsoft.Extensions.Options (>= 2.2)
      System.Diagnostics.DiagnosticSource (>= 4.5.1)
      System.Reflection.Metadata (>= 1.6)
    Microsoft.AspNetCore.Hosting.Abstractions (2.2)
      Microsoft.AspNetCore.Hosting.Server.Abstractions (>= 2.2)
      Microsoft.AspNetCore.Http.Abstractions (>= 2.2)
      Microsoft.Extensions.Hosting.Abstractions (>= 2.2)
    Microsoft.AspNetCore.Hosting.Server.Abstractions (2.2)
      Microsoft.AspNetCore.Http.Features (>= 2.2)
      Microsoft.Extensions.Configuration.Abstractions (>= 2.2)
    Microsoft.AspNetCore.Http (2.2.2)
      Microsoft.AspNetCore.Http.Abstractions (>= 2.2)
      Microsoft.AspNetCore.WebUtilities (>= 2.2)
      Microsoft.Extensions.ObjectPool (>= 2.2)
      Microsoft.Extensions.Options (>= 2.2)
      Microsoft.Net.Http.Headers (>= 2.2)
    Microsoft.AspNetCore.Http.Abstractions (2.2)
      Microsoft.AspNetCore.Http.Features (>= 2.2)
      System.Text.Encodings.Web (>= 4.5)
    Microsoft.AspNetCore.Http.Extensions (2.2)
      Microsoft.AspNetCore.Http.Abstractions (>= 2.2)
      Microsoft.Extensions.FileProviders.Abstractions (>= 2.2)
      Microsoft.Net.Http.Headers (>= 2.2)
      System.Buffers (>= 4.5)
    Microsoft.AspNetCore.Http.Features (2.2)
      Microsoft.Extensions.Primitives (>= 2.2)
    Microsoft.AspNetCore.Server.Kestrel (2.2)
      Microsoft.AspNetCore.Hosting (>= 2.2)
      Microsoft.AspNetCore.Server.Kestrel.Core (>= 2.2)
      Microsoft.AspNetCore.Server.Kestrel.Https (>= 2.2)
      Microsoft.AspNetCore.Server.Kestrel.Transport.Sockets (>= 2.2)
    Microsoft.AspNetCore.Server.Kestrel.Core (2.2)
      Microsoft.AspNetCore.Hosting.Abstractions (>= 2.2)
      Microsoft.AspNetCore.Http (>= 2.2)
      Microsoft.AspNetCore.Server.Kestrel.Transport.Abstractions (>= 2.2)
      Microsoft.AspNetCore.WebUtilities (>= 2.2)
      Microsoft.Extensions.Configuration.Binder (>= 2.2)
      Microsoft.Extensions.Logging.Abstractions (>= 2.2)
      Microsoft.Extensions.Options (>= 2.2)
      Microsoft.Net.Http.Headers (>= 2.2)
      System.Memory (>= 4.5.1)
      System.Numerics.Vectors (>= 4.5)
      System.Runtime.CompilerServices.Unsafe (>= 4.5.1)
      System.Security.Cryptography.Cng (>= 4.5)
      System.Threading.Tasks.Extensions (>= 4.5.1)
    Microsoft.AspNetCore.Server.Kestrel.Https (2.2)
      Microsoft.AspNetCore.Http.Abstractions (>= 2.2)
      Microsoft.AspNetCore.Server.Kestrel.Core (>= 2.2)
    Microsoft.AspNetCore.Server.Kestrel.Transport.Abstractions (2.2)
      Microsoft.AspNetCore.Connections.Abstractions (>= 2.2)
    Microsoft.AspNetCore.Server.Kestrel.Transport.Sockets (2.2.1)
      Microsoft.AspNetCore.Hosting.Abstractions (>= 2.2)
      Microsoft.AspNetCore.Server.Kestrel.Transport.Abstractions (>= 2.2)
      Microsoft.Extensions.Options (>= 2.2)
    Microsoft.AspNetCore.WebUtilities (2.2)
      Microsoft.Net.Http.Headers (>= 2.2)
      System.Text.Encodings.Web (>= 4.5)
    Microsoft.Bcl (1.1.10)
      Microsoft.Bcl.Build (>= 1.0.14)
    Microsoft.Bcl.Async (1.0.168)
      Microsoft.Bcl (>= 1.1.8)
    Microsoft.Bcl.Build (1.0.21) - import_targets: false
    Microsoft.CodeAnalysis.Analyzers (2.9.7)
    Microsoft.CodeAnalysis.Common (3.3.1)
      Microsoft.CodeAnalysis.Analyzers (>= 2.9.4)
      System.Collections.Immutable (>= 1.5)
      System.Memory (>= 4.5.3)
      System.Reflection.Metadata (>= 1.6)
      System.Runtime.CompilerServices.Unsafe (>= 4.5.2)
      System.Text.Encoding.CodePages (>= 4.5.1)
      System.Threading.Tasks.Extensions (>= 4.5.3)
    Microsoft.CodeAnalysis.CSharp (3.3.1)
      Microsoft.CodeAnalysis.Common (3.3.1)
    Microsoft.DotNet.PlatformAbstractions (3.0)
      System.Runtime.InteropServices.RuntimeInformation (>= 4.0)
    Microsoft.Extensions.Configuration (2.2)
      Microsoft.Extensions.Configuration.Abstractions (>= 2.2)
    Microsoft.Extensions.Configuration.Abstractions (2.2)
      Microsoft.Extensions.Primitives (>= 2.2)
    Microsoft.Extensions.Configuration.Binder (2.2.4)
      Microsoft.Extensions.Configuration (>= 2.2)
    Microsoft.Extensions.Configuration.EnvironmentVariables (2.2.4)
      Microsoft.Extensions.Configuration (>= 2.2)
    Microsoft.Extensions.Configuration.FileExtensions (2.2)
      Microsoft.Extensions.Configuration (>= 2.2)
      Microsoft.Extensions.FileProviders.Physical (>= 2.2)
    Microsoft.Extensions.DependencyInjection (2.2)
      Microsoft.Extensions.DependencyInjection.Abstractions (>= 2.2)
    Microsoft.Extensions.DependencyInjection.Abstractions (2.2)
    Microsoft.Extensions.DependencyModel (2.1)
      Microsoft.DotNet.PlatformAbstractions (>= 2.1)
      Newtonsoft.Json (>= 9.0.1)
    Microsoft.Extensions.FileProviders.Abstractions (2.2)
      Microsoft.Extensions.Primitives (>= 2.2)
    Microsoft.Extensions.FileProviders.Physical (2.2)
      Microsoft.Extensions.FileProviders.Abstractions (>= 2.2)
      Microsoft.Extensions.FileSystemGlobbing (>= 2.2)
    Microsoft.Extensions.FileSystemGlobbing (2.2)
    Microsoft.Extensions.Hosting.Abstractions (2.2)
      Microsoft.Extensions.Configuration.Abstractions (>= 2.2)
      Microsoft.Extensions.DependencyInjection.Abstractions (>= 2.2)
      Microsoft.Extensions.FileProviders.Abstractions (>= 2.2)
      Microsoft.Extensions.Logging.Abstractions (>= 2.2)
    Microsoft.Extensions.Logging (2.2)
      Microsoft.Extensions.Configuration.Binder (>= 2.2)
      Microsoft.Extensions.DependencyInjection.Abstractions (>= 2.2)
      Microsoft.Extensions.Logging.Abstractions (>= 2.2)
      Microsoft.Extensions.Options (>= 2.2)
    Microsoft.Extensions.Logging.Abstractions (2.2)
    Microsoft.Extensions.Logging.Configuration (2.2)
      Microsoft.Extensions.Logging (>= 2.2)
      Microsoft.Extensions.Options.ConfigurationExtensions (>= 2.2)
    Microsoft.Extensions.Logging.Console (2.2)
      Microsoft.Extensions.Configuration.Abstractions (>= 2.2)
      Microsoft.Extensions.Logging (>= 2.2)
      Microsoft.Extensions.Logging.Configuration (>= 2.2)
    Microsoft.Extensions.ObjectPool (2.2)
    Microsoft.Extensions.Options (2.2)
      Microsoft.Extensions.DependencyInjection.Abstractions (>= 2.2)
      Microsoft.Extensions.Primitives (>= 2.2)
      System.ComponentModel.Annotations (>= 4.5)
    Microsoft.Extensions.Options.ConfigurationExtensions (2.2)
      Microsoft.Extensions.Configuration.Abstractions (>= 2.2)
      Microsoft.Extensions.Configuration.Binder (>= 2.2)
      Microsoft.Extensions.DependencyInjection.Abstractions (>= 2.2)
      Microsoft.Extensions.Options (>= 2.2)
    Microsoft.Extensions.Primitives (2.2)
      System.Memory (>= 4.5.1)
      System.Runtime.CompilerServices.Unsafe (>= 4.5.1)
    Microsoft.Net.Http.Headers (2.2)
      Microsoft.Extensions.Primitives (>= 2.2)
      System.Buffers (>= 4.5)
    Microsoft.Orleans.Client (2.4.3)
      Microsoft.Orleans.OrleansProviders (>= 2.4.3)
    Microsoft.Orleans.Clustering.AdoNet (2.4.3)
      Microsoft.Orleans.OrleansProviders (>= 2.4.3)
      Microsoft.Orleans.Runtime.Abstractions (>= 2.4.3)
      System.Data.Common (>= 4.3)
    Microsoft.Orleans.Core (2.4.3)
      Microsoft.Extensions.Configuration (>= 2.1.1)
      Microsoft.Extensions.DependencyInjection (>= 2.1.1)
      Microsoft.Extensions.DependencyModel (>= 2.0)
      Microsoft.Extensions.Hosting.Abstractions (>= 2.1)
      Microsoft.Extensions.Logging (>= 2.0)
      Microsoft.Extensions.Options.ConfigurationExtensions (>= 2.1.1)
      Microsoft.Orleans.Core.Abstractions (>= 2.4.3)
      Newtonsoft.Json (>= 10.0.3)
      System.Collections.Immutable (>= 1.4)
      System.ComponentModel.TypeConverter (>= 4.3)
      System.Diagnostics.FileVersionInfo (>= 4.3)
      System.Diagnostics.Process (>= 4.3)
      System.Diagnostics.TraceSource (>= 4.3)
      System.Linq.Expressions (>= 4.3)
      System.Net.NameResolution (>= 4.3)
      System.Net.NetworkInformation (>= 4.3)
      System.Reflection.Emit (>= 4.3)
      System.Reflection.Emit.Lightweight (>= 4.3)
      System.Reflection.Metadata (>= 1.5)
      System.Reflection.TypeExtensions (>= 4.4)
      System.Runtime (>= 4.3)
      System.Runtime.Serialization.Formatters (>= 4.3)
      System.Runtime.Serialization.Primitives (>= 4.3)
      System.Security.Cryptography.Algorithms (>= 4.3)
      System.Threading.Thread (>= 4.3)
      System.Threading.ThreadPool (>= 4.3)
      System.ValueTuple (>= 4.4)
      System.Xml.XmlDocument (>= 4.3)
      System.Xml.XPath.XmlDocument (>= 4.3)
    Microsoft.Orleans.Core.Abstractions (2.4.3)
      System.Memory (>= 4.5.1)
      System.Runtime.Serialization.Formatters (>= 4.3)
    Microsoft.Orleans.OrleansCodeGenerator (2.4.3)
      Microsoft.CodeAnalysis.CSharp (>= 2.8.2)
      Microsoft.Orleans.Core (>= 2.4.3)
      System.Reflection (>= 4.3)
      System.Runtime (>= 4.3)
      System.Runtime.Serialization.Formatters (>= 4.3)
      System.Threading.Tasks.Extensions (>= 4.5.2)
    Microsoft.Orleans.OrleansCodeGenerator.Build (2.4.3)
    Microsoft.Orleans.OrleansProviders (2.4.3)
      Microsoft.Orleans.Core (>= 2.4.3)
      Microsoft.Orleans.Runtime.Abstractions (>= 2.4.3)
    Microsoft.Orleans.OrleansRuntime (2.4.3)
      Microsoft.Extensions.Hosting.Abstractions (>= 2.1)
      Microsoft.Extensions.Options (>= 2.1.1)
      Microsoft.Orleans.Core (>= 2.4.3)
      Microsoft.Orleans.Runtime.Abstractions (>= 2.4.3)
      System.Threading.Tasks.Extensions (>= 4.5.2)
    Microsoft.Orleans.OrleansSqlUtils (2.4.3)
      Microsoft.Orleans.Clustering.AdoNet (>= 2.4.3)
      Microsoft.Orleans.OrleansProviders (>= 2.4.3)
      Microsoft.Orleans.Persistence.AdoNet (>= 2.4.3)
      Microsoft.Orleans.Reminders.AdoNet (>= 2.4.3)
      Microsoft.Orleans.Runtime.Abstractions (>= 2.4.3)
    Microsoft.Orleans.OrleansTelemetryConsumers.Counters (2.4.3)
      Microsoft.Extensions.Logging.Console (>= 2.0)
      Microsoft.Orleans.Core (>= 2.4.3)
      Microsoft.Orleans.Runtime.Abstractions (>= 2.4.3)
      System.Diagnostics.PerformanceCounter (>= 4.5)
      System.Management (>= 4.5)
    Microsoft.Orleans.OrleansZooKeeperUtils (2.4.3)
      Microsoft.Orleans.Runtime.Abstractions (>= 2.4.3)
      ZooKeeperNetEx (>= 3.4.12.1)
    Microsoft.Orleans.Persistence.AdoNet (2.4.3)
      Microsoft.Orleans.OrleansProviders (>= 2.4.3)
      Microsoft.Orleans.Runtime.Abstractions (>= 2.4.3)
      System.Data.Common (>= 4.3)
    Microsoft.Orleans.Reminders.AdoNet (2.4.3)
      Microsoft.Orleans.OrleansProviders (>= 2.4.3)
      Microsoft.Orleans.Runtime.Abstractions (>= 2.4.3)
      System.Data.Common (>= 4.3)
    Microsoft.Orleans.Runtime.Abstractions (2.4.3)
      Microsoft.Extensions.Hosting.Abstractions (>= 2.1)
      Microsoft.Extensions.Options (>= 2.1.1)
      Microsoft.Orleans.Core (>= 2.4.3)
    Microsoft.Orleans.Server (2.4.3)
      Microsoft.Orleans.OrleansProviders (>= 2.4.3)
      Microsoft.Orleans.OrleansRuntime (>= 2.4.3)
    Newtonsoft.Json (10.0.3)
    Ninject (3.3.4)
    Ninject.Extensions.Conventions (3.3)
      Ninject.Extensions.Factory (>= 3.3.2)
    Ninject.Extensions.Factory (3.3.2)
      Castle.Core (>= 4.2)
      Ninject (>= 3.3.3)
    Nito.AsyncEx (4.0.1)
      Microsoft.Bcl (>= 1.1.10)
      Microsoft.Bcl.Async (>= 1.0.168)
      Microsoft.Bcl.Build (>= 1.0.21)
    NLog (4.6.8)
    NSubstitute (4.2.1)
      Castle.Core (>= 4.4)
      System.Threading.Tasks.Extensions (>= 4.3)
    Nuget.CommandLine (5.3.1)
    NUnit (3.12)
    OrleansDashboard (2.4.5)
      Microsoft.AspNetCore.Hosting (>= 2.1.1)
      Microsoft.AspNetCore.Http (>= 2.1.1)
      Microsoft.AspNetCore.Server.Kestrel (>= 2.1.3)
      Microsoft.Orleans.Core (>= 2.4.2)
      Microsoft.Orleans.OrleansRuntime (>= 2.4.2)
      OrleansDashboard.Client (>= 2.4.5)
      System.Collections.Immutable (>= 1.5)
    OrleansDashboard.Client (2.4.5)
      Microsoft.Orleans.Client (>= 2.4.2)
    RichardSzalay.MockHttp (5.0)
    Shouldly (3.0.2)
    System.Buffers (4.5)
    System.Collections.Immutable (1.6)
      System.Memory (>= 4.5.3)
    System.Collections.NonGeneric (4.3)
    System.ComponentModel.Annotations (4.6)
    System.ComponentModel.Primitives (4.3)
    System.ComponentModel.TypeConverter (4.3)
      System.Collections.NonGeneric (>= 4.3)
      System.ComponentModel.Primitives (>= 4.3)
    System.Data.Common (4.3)
    System.Diagnostics.DiagnosticSource (4.6)
      System.Memory (>= 4.5.3)
    System.Diagnostics.FileVersionInfo (4.3)
    System.Diagnostics.PerformanceCounter (4.5)
    System.Diagnostics.Process (4.3)
    System.Diagnostics.TraceSource (4.3)
    System.IO (4.3)
    System.IO.Pipelines (4.6)
      System.Buffers (>= 4.5)
      System.Memory (>= 4.5.3)
      System.Threading.Tasks.Extensions (>= 4.5.2)
    System.Linq.Expressions (4.3)
    System.Management (4.6)
    System.Memory (4.5.3)
      System.Buffers (>= 4.4)
      System.Numerics.Vectors (>= 4.4)
      System.Runtime.CompilerServices.Unsafe (>= 4.5.2)
    System.Net.NameResolution (4.3)
    System.Net.NetworkInformation (4.3)
    System.Numerics.Vectors (4.5)
    System.Reflection (4.3)
    System.Reflection.Emit (4.6)
    System.Reflection.Emit.Lightweight (4.6)
    System.Reflection.Metadata (1.7)
      System.Collections.Immutable (>= 1.6)
    System.Reflection.TypeExtensions (4.6)
    System.Runtime (4.3.1)
    System.Runtime.CompilerServices.Unsafe (4.6)
    System.Runtime.InteropServices.RuntimeInformation (4.3)
    System.Runtime.Serialization.Formatters (4.3)
      System.Runtime.Serialization.Primitives (>= 4.3)
    System.Runtime.Serialization.Primitives (4.3)
    System.Security.Cryptography.Algorithms (4.3.1)
      System.IO (>= 4.3)
      System.Runtime (>= 4.3)
      System.Security.Cryptography.Encoding (>= 4.3)
      System.Security.Cryptography.Primitives (>= 4.3)
    System.Security.Cryptography.Cng (4.6)
    System.Security.Cryptography.Encoding (4.3)
    System.Security.Cryptography.Primitives (4.3)
    System.Text.Encoding.CodePages (4.6)
      System.Runtime.CompilerServices.Unsafe (>= 4.6)
    System.Text.Encodings.Web (4.6)
      System.Memory (>= 4.5.3)
    System.Threading.Tasks.Dataflow (4.10)
    System.Threading.Tasks.Extensions (4.5.3)
      System.Runtime.CompilerServices.Unsafe (>= 4.5.2)
    System.Threading.Thread (4.3)
    System.Threading.ThreadPool (4.3)
    System.ValueTuple (4.5)
    System.Xml.XmlDocument (4.3)
    System.Xml.XPath (4.3)
    System.Xml.XPath.XmlDocument (4.3)
      System.Xml.XmlDocument (>= 4.3)
      System.Xml.XPath (>= 4.3)
    ZooKeeperNetEx (3.4.12.4)
