REDIRECTS: ON
COPY-CONTENT-TO-OUTPUT-DIR: ALWAYS
CONTENT: ONCE
FRAMEWORK: NET451
NUGET
  remote: https://www.nuget.org/api/v2
    Castle.Core (3.3.3)
    DataAnnotationsValidator (1.0.0.1)
    FluentAssertions (4.19.2)
    Metrics.NET (0.4.8)
    Microsoft.Bcl (1.1.10)
      Microsoft.Bcl.Build (>= 1.0.14)
    Microsoft.Bcl.Async (1.0.168)
      Microsoft.Bcl (>= 1.1.8)
    Microsoft.Bcl.Build (1.0.21) - import_targets: false
    Microsoft.CodeAnalysis.Analyzers (1.1)
    Microsoft.CodeAnalysis.Common (1.3.2)
      Microsoft.CodeAnalysis.Analyzers (>= 1.1)
      System.Collections.Immutable (>= 1.1.37)
      System.Reflection.Metadata (>= 1.2)
    Microsoft.CodeAnalysis.CSharp (1.3.2)
      Microsoft.CodeAnalysis.Common (1.3.2)
    Microsoft.Extensions.DependencyInjection (1.1.1)
      Microsoft.Extensions.DependencyInjection.Abstractions (>= 1.1.1)
      NETStandard.Library (>= 1.6.1)
    Microsoft.Extensions.DependencyInjection.Abstractions (1.1.1)
    Microsoft.Orleans.Core (1.3.1)
      Newtonsoft.Json (>= 7.0.1)
      System.Collections.Immutable (>= 1.1.37)
    Microsoft.Orleans.OrleansCodeGenerator (1.3.1)
      Microsoft.CodeAnalysis.CSharp (>= 1.3.2)
      Microsoft.Orleans.Core (>= 1.3.1)
    Microsoft.Orleans.OrleansCodeGenerator.Build (1.3.1)
      Microsoft.Orleans.Core (>= 1.3.1)
    Microsoft.Orleans.OrleansProviders (1.3.1)
      Microsoft.Orleans.Core (>= 1.3.1)
    Microsoft.Orleans.OrleansRuntime (1.3.1)
      Microsoft.Extensions.DependencyInjection (>= 1.0)
      Microsoft.Extensions.DependencyInjection.Abstractions (>= 1.0)
      Microsoft.Orleans.Core (>= 1.3.1)
    Microsoft.Orleans.OrleansSqlUtils (1.3.1)
      Microsoft.Orleans.Core (>= 1.3.1)
      Newtonsoft.Json (>= 7.0.1)
    Microsoft.Orleans.OrleansZooKeeperUtils (1.3.1)
      Microsoft.Orleans.Core (>= 1.3.1)
      Microsoft.Orleans.OrleansRuntime (>= 1.3.1)
      ZooKeeperNetEx (>= 3.4.8.5)
    Microsoft.Orleans.TestingHost (1.3.1)
      Microsoft.Orleans.Core (>= 1.3.1)
      Microsoft.Orleans.OrleansProviders (>= 1.3.1)
      Microsoft.Orleans.OrleansRuntime (>= 1.3.1)
    NETStandard.Library (1.6.1)
      System.Collections.Concurrent (>= 4.3)
      System.Diagnostics.Tracing (>= 4.3)
      System.IO.Compression (>= 4.3)
      System.Net.Http (>= 4.3)
      System.Runtime.InteropServices (>= 4.3)
      System.Runtime.InteropServices.RuntimeInformation (>= 4.3)
      System.Runtime.Numerics (>= 4.3)
      System.Threading.Timer (>= 4.3)
    Newtonsoft.Json (9.0.1)
    Ninject (3.2.2)
    ninject.extensions.conventions (3.2)
      Ninject (>= 3.2 < 3.3)
    Ninject.Extensions.Factory (3.2.1)
      Castle.Core (>= 3.2 < 4.0)
      Ninject (>= 3.2 < 3.3)
    Ninject.MockingKernel (3.2.2)
      Ninject (>= 3.2 < 3.3)
    Ninject.MockingKernel.NSubstitute (3.2.2)
      Ninject.MockingKernel (>= 3.2 < 3.3)
      NSubstitute (>= 1.5 < 2.0)
    Nito.AsyncEx (4.0.1)
      Microsoft.Bcl (>= 1.1.10)
      Microsoft.Bcl.Async (>= 1.0.168)
      Microsoft.Bcl.Build (>= 1.0.21)
    NLog (4.4.9)
    NSubstitute (1.10)
    NuGet.CommandLine (3.5)
    NUnit (3.6.1)
    RichardSzalay.MockHttp (1.5)
      System.Net.Http (>= 4.0)
    Shouldly (2.8.2)
    System.Collections.Concurrent (4.3)
    System.Collections.Immutable (1.3.1)
    System.ComponentModel.Annotations (4.3)
    System.Diagnostics.Tracing (4.3)
    System.IO.Compression (4.3)
    System.Net.Http (4.3.2)
    System.Reflection.DispatchProxy (4.3)
    System.Reflection.Metadata (1.4.2)
      System.Collections.Immutable (>= 1.3.1)
    System.Runtime.InteropServices (4.3)
    System.Runtime.InteropServices.RuntimeInformation (4.3)
    System.Runtime.Numerics (4.3)
    System.Threading.Tasks.Dataflow (4.7)
    System.Threading.Timer (4.3)
    ZooKeeperNetEx (3.4.9.4)
