REDIRECTS: ON
COPY-CONTENT-TO-OUTPUT-DIR: ALWAYS
CONTENT: ONCE
RESTRICTION: == net451
NUGET
  remote: https://api.nuget.org/v3/index.json
    Castle.Core (4.3.1)
    DataAnnotationsValidator (2.1)
    FluentAssertions (5.4.1)
      System.ValueTuple (>= 4.4)
    Gigya.ServiceContract (2.6)
      Newtonsoft.Json (>= 9.0.1)
    Metrics.NET (0.5.5)
    Microsoft.Bcl (1.1.10)
      Microsoft.Bcl.Build (>= 1.0.14)
    Microsoft.Bcl.Async (1.0.168)
      Microsoft.Bcl (>= 1.1.8)
    Microsoft.Bcl.Build (1.0.21) - import_targets: false
    Microsoft.CodeAnalysis.Analyzers (2.6.1)
    Microsoft.CodeAnalysis.Common (1.3.2)
      Microsoft.CodeAnalysis.Analyzers (>= 1.1)
      System.Collections.Immutable (>= 1.1.37)
      System.Reflection.Metadata (>= 1.2)
    Microsoft.CodeAnalysis.CSharp (1.3.2)
      Microsoft.CodeAnalysis.Common (1.3.2)
    Microsoft.Extensions.DependencyInjection (1.1.1)
      Microsoft.Extensions.DependencyInjection.Abstractions (>= 1.1.1)
      NETStandard.Library (>= 1.6.1)
    Microsoft.Extensions.DependencyInjection.Abstractions (1.1.1)
      NETStandard.Library (>= 1.6.1)
      System.ComponentModel (>= 4.3)
    Microsoft.NETCore.Platforms (2.1.1)
    Microsoft.Orleans.Core (1.3.1)
      Newtonsoft.Json (>= 7.0.1)
      System.Collections.Immutable (>= 1.1.37)
    Microsoft.Orleans.OrleansCodeGenerator (1.3.1)
      Microsoft.CodeAnalysis.CSharp (>= 1.3.2)
      Microsoft.Orleans.Core (>= 1.3.1)
    Microsoft.Orleans.OrleansCodeGenerator.Build (1.3.1)
      Microsoft.Orleans.Core (>= 1.3.1)
    Microsoft.Orleans.OrleansProviders (1.3.1)
      Microsoft.Orleans.Core (>= 1.3.1)
    Microsoft.Orleans.OrleansRuntime (1.3.1)
      Microsoft.Extensions.DependencyInjection (>= 1.0)
      Microsoft.Extensions.DependencyInjection.Abstractions (>= 1.0)
      Microsoft.Orleans.Core (>= 1.3.1)
    Microsoft.Orleans.OrleansSqlUtils (1.3.1)
      Microsoft.Orleans.Core (>= 1.3.1)
      Newtonsoft.Json (>= 7.0.1)
    Microsoft.Orleans.OrleansZooKeeperUtils (1.3.1)
      Microsoft.Orleans.Core (>= 1.3.1)
      Microsoft.Orleans.OrleansRuntime (>= 1.3.1)
      ZooKeeperNetEx (>= 3.4.8.5)
    Microsoft.Orleans.TestingHost (1.3.1)
      Microsoft.Orleans.Core (>= 1.3.1)
      Microsoft.Orleans.OrleansProviders (>= 1.3.1)
      Microsoft.Orleans.OrleansRuntime (>= 1.3.1)
    NETStandard.Library (2.0.3)
      Microsoft.NETCore.Platforms (>= 1.1)
      System.Runtime.InteropServices.RuntimeInformation (>= 4.3)
    Newtonsoft.Json (9.0.1)
    Ninject (3.3.4)
    Ninject.Extensions.Conventions (3.3)
      Ninject.Extensions.Factory (>= 3.3.2)
    Ninject.Extensions.Factory (3.3.2)
      Castle.Core (>= 4.2)
      Ninject (>= 3.3.3)
    Nito.AsyncEx (4.0.1)
      Microsoft.Bcl (>= 1.1.10)
      Microsoft.Bcl.Async (>= 1.0.168)
      Microsoft.Bcl.Build (>= 1.0.21)
    NLog (4.5.9)
    NSubstitute (3.1)
      Castle.Core (>= 4.2)
      System.Threading.Tasks.Extensions (>= 4.3)
    Nuget.CommandLine (4.7.1)
    NUnit (3.10.1)
    RichardSzalay.MockHttp (5.0)
    Shouldly (3.0)
    System.Collections.Immutable (1.5)
    System.ComponentModel (4.3)
    System.ComponentModel.Annotations (4.5)
    System.Reflection.Metadata (1.6)
      System.Collections.Immutable (>= 1.5)
    System.Runtime.CompilerServices.Unsafe (4.5.1)
    System.Runtime.InteropServices.RuntimeInformation (4.3)
    System.Threading.Tasks.Dataflow (4.9)
    System.Threading.Tasks.Extensions (4.5.1)
      System.Runtime.CompilerServices.Unsafe (>= 4.5)
    System.ValueTuple (4.5)
    ZooKeeperNetEx (3.4.12)
