REDIRECTS: ON
COPY-CONTENT-TO-OUTPUT-DIR: ALWAYS
CONTENT: ONCE
RESTRICTION: == net471
NUGET
  remote: https://api.nuget.org/v3/index.json
    Castle.Core (4.2.1)
    DataAnnotationsValidator (2.1)
    FluentAssertions (5.3)
    Gigya.ServiceContract (2.5.5)
      Newtonsoft.Json (>= 9.0.1)
    Metrics.NET (0.5.5)
    Microsoft.Bcl (1.1.10)
      Microsoft.Bcl.Build (>= 1.0.14)
    Microsoft.Bcl.Async (1.0.168)
      Microsoft.Bcl (>= 1.1.8)
    Microsoft.Bcl.Build (1.0.21) - import_targets: false
    Microsoft.CodeAnalysis.Analyzers (2.6)
    Microsoft.CodeAnalysis.Common (2.7)
      Microsoft.CodeAnalysis.Analyzers (>= 1.1)
      System.AppContext (>= 4.3)
      System.Collections (>= 4.3)
      System.Collections.Concurrent (>= 4.3)
      System.Collections.Immutable (>= 1.3.1)
      System.Console (>= 4.3)
      System.Diagnostics.Debug (>= 4.3)
      System.Diagnostics.FileVersionInfo (>= 4.3)
      System.Diagnostics.StackTrace (>= 4.3)
      System.Diagnostics.Tools (>= 4.3)
      System.Dynamic.Runtime (>= 4.3)
      System.Globalization (>= 4.3)
      System.IO.Compression (>= 4.3)
      System.IO.FileSystem (>= 4.3)
      System.IO.FileSystem.Primitives (>= 4.3)
      System.Linq (>= 4.3)
      System.Linq.Expressions (>= 4.3)
      System.Reflection (>= 4.3)
      System.Reflection.Metadata (>= 1.4.2)
      System.Resources.ResourceManager (>= 4.3)
      System.Runtime (>= 4.3)
      System.Runtime.Extensions (>= 4.3)
      System.Runtime.InteropServices (>= 4.3)
      System.Runtime.Numerics (>= 4.3)
      System.Security.Cryptography.Algorithms (>= 4.3)
      System.Security.Cryptography.Encoding (>= 4.3)
      System.Security.Cryptography.X509Certificates (>= 4.3)
      System.Text.Encoding (>= 4.3)
      System.Text.Encoding.CodePages (>= 4.3)
      System.Text.Encoding.Extensions (>= 4.3)
      System.Threading (>= 4.3)
      System.Threading.Tasks (>= 4.3)
      System.Threading.Tasks.Parallel (>= 4.3)
      System.Threading.Thread (>= 4.3)
      System.ValueTuple (>= 4.3)
      System.Xml.ReaderWriter (>= 4.3)
      System.Xml.XDocument (>= 4.3)
      System.Xml.XmlDocument (>= 4.3)
      System.Xml.XPath.XDocument (>= 4.3)
    Microsoft.CodeAnalysis.CSharp (2.7)
      Microsoft.CodeAnalysis.Common (2.7)
    Microsoft.Extensions.Configuration (2.0.1)
      Microsoft.Extensions.Configuration.Abstractions (>= 2.0.1)
    Microsoft.Extensions.Configuration.Abstractions (2.0.1)
      Microsoft.Extensions.Primitives (>= 2.0)
    Microsoft.Extensions.Configuration.Binder (2.0.1)
      Microsoft.Extensions.Configuration (>= 2.0.1)
    Microsoft.Extensions.DependencyInjection (1.1.1)
      Microsoft.Extensions.DependencyInjection.Abstractions (>= 1.1.1)
      NETStandard.Library (>= 1.6.1)
    Microsoft.Extensions.DependencyInjection.Abstractions (1.1.1)
      NETStandard.Library (>= 1.6.1)
      System.ComponentModel (>= 4.3)
    Microsoft.Extensions.Primitives (2.0)
      System.Runtime.CompilerServices.Unsafe (>= 4.4)
    Microsoft.NETCore.Platforms (2.0.2)
    Microsoft.Orleans.Core (1.5.3)
      Microsoft.Extensions.DependencyInjection (>= 1.1)
      Newtonsoft.Json (>= 9.0.1)
      System.Collections.Immutable (>= 1.3.1)
      System.Reflection.Metadata (>= 1.4.2)
    Microsoft.Orleans.OrleansCodeGenerator (1.5.3)
      Microsoft.CodeAnalysis.CSharp (>= 2.0)
      Microsoft.Orleans.Core (>= 1.5.3)
    Microsoft.Orleans.OrleansCodeGenerator.Build (1.5.3)
      Microsoft.Orleans.Core (>= 1.5.3)
    Microsoft.Orleans.OrleansProviders (1.5.3)
      Microsoft.Orleans.Core (>= 1.5.3)
    Microsoft.Orleans.OrleansRuntime (1.5.3)
      Microsoft.Orleans.Core (>= 1.5.3)
    Microsoft.Orleans.OrleansSqlUtils (1.5.3)
      Microsoft.Orleans.Core (>= 1.5.3)
      Newtonsoft.Json (>= 9.0.1)
    Microsoft.Orleans.OrleansZooKeeperUtils (1.5.3)
      Microsoft.Orleans.Core (>= 1.5.3)
      Microsoft.Orleans.OrleansRuntime (>= 1.5.3)
      ZooKeeperNetEx (>= 3.4.8.5)
    Microsoft.Orleans.TestingHost (1.5.3)
      Microsoft.Extensions.Configuration.Binder (>= 1.1.1)
      Microsoft.Orleans.Core (>= 1.5.3)
      Microsoft.Orleans.OrleansProviders (>= 1.5.3)
      Microsoft.Orleans.OrleansRuntime (>= 1.5.3)
    Microsoft.Win32.Primitives (4.3)
    NETStandard.Library (1.6.1)
      Microsoft.NETCore.Platforms (>= 1.1)
      Microsoft.Win32.Primitives (>= 4.3)
      System.AppContext (>= 4.3)
      System.Collections (>= 4.3)
      System.Collections.Concurrent (>= 4.3)
      System.Console (>= 4.3)
      System.Diagnostics.Debug (>= 4.3)
      System.Diagnostics.Tools (>= 4.3)
      System.Diagnostics.Tracing (>= 4.3)
      System.Globalization (>= 4.3)
      System.Globalization.Calendars (>= 4.3)
      System.IO (>= 4.3)
      System.IO.Compression (>= 4.3)
      System.IO.Compression.ZipFile (>= 4.3)
      System.IO.FileSystem (>= 4.3)
      System.IO.FileSystem.Primitives (>= 4.3)
      System.Linq (>= 4.3)
      System.Linq.Expressions (>= 4.3)
      System.Net.Http (>= 4.3)
      System.Net.Primitives (>= 4.3)
      System.Net.Sockets (>= 4.3)
      System.ObjectModel (>= 4.3)
      System.Reflection (>= 4.3)
      System.Reflection.Extensions (>= 4.3)
      System.Reflection.Primitives (>= 4.3)
      System.Resources.ResourceManager (>= 4.3)
      System.Runtime (>= 4.3)
      System.Runtime.Extensions (>= 4.3)
      System.Runtime.Handles (>= 4.3)
      System.Runtime.InteropServices (>= 4.3)
      System.Runtime.InteropServices.RuntimeInformation (>= 4.3)
      System.Runtime.Numerics (>= 4.3)
      System.Security.Cryptography.Algorithms (>= 4.3)
      System.Security.Cryptography.Encoding (>= 4.3)
      System.Security.Cryptography.Primitives (>= 4.3)
      System.Security.Cryptography.X509Certificates (>= 4.3)
      System.Text.Encoding (>= 4.3)
      System.Text.Encoding.Extensions (>= 4.3)
      System.Text.RegularExpressions (>= 4.3)
      System.Threading (>= 4.3)
      System.Threading.Tasks (>= 4.3)
      System.Threading.Timer (>= 4.3)
      System.Xml.ReaderWriter (>= 4.3)
      System.Xml.XDocument (>= 4.3)
    Newtonsoft.Json (9.0.1)
    Ninject (3.3.4)
    Ninject.Extensions.Conventions (3.3)
      Ninject.Extensions.Factory (>= 3.3.2)
    Ninject.Extensions.Factory (3.3.2)
      Castle.Core (>= 4.2)
      Ninject (>= 3.3.3)
    Nito.AsyncEx (4.0.1)
      Microsoft.Bcl (>= 1.1.10)
      Microsoft.Bcl.Async (>= 1.0.168)
      Microsoft.Bcl.Build (>= 1.0.21)
    NLog (4.5.3)
    NSubstitute (3.1)
      Castle.Core (>= 4.2)
      System.Threading.Tasks.Extensions (>= 4.3)
    Nuget.CommandLine (4.6.2)
    NUnit (3.10.1)
    RichardSzalay.MockHttp (4.0)
      System.Net.Http (>= 4.0)
    Shouldly (3.0)
    System.AppContext (4.3)
    System.Collections (4.3)
    System.Collections.Concurrent (4.3)
    System.Collections.Immutable (1.4)
    System.ComponentModel (4.3)
    System.ComponentModel.Annotations (4.4.1)
    System.Console (4.3.1)
    System.Diagnostics.Debug (4.3)
    System.Diagnostics.FileVersionInfo (4.3) - redirects: off
    System.Diagnostics.StackTrace (4.3)
    System.Diagnostics.Tools (4.3)
    System.Diagnostics.Tracing (4.3)
    System.Dynamic.Runtime (4.3)
    System.Globalization (4.3)
    System.Globalization.Calendars (4.3)
    System.IO (4.3) - redirects: off
    System.IO.Compression (4.3) - redirects: off
    System.IO.Compression.ZipFile (4.3)
    System.IO.FileSystem (4.3) - redirects: off
      System.IO.FileSystem.Primitives (>= 4.3)
    System.IO.FileSystem.Primitives (4.3) - redirects: off
    System.Linq (4.3) - redirects: off
    System.Linq.Expressions (4.3) - redirects: off
    System.Net.Http (4.3.3) - copy_content_to_output_dir: never, redirects: off
      System.Security.Cryptography.X509Certificates (>= 4.3)
    System.Net.Primitives (4.3)
    System.Net.Sockets (4.3)
    System.ObjectModel (4.3)
    System.Reflection (4.3) - redirects: off
    System.Reflection.Extensions (4.3)
    System.Reflection.Metadata (1.5)
      System.Collections.Immutable (>= 1.4)
    System.Reflection.Primitives (4.3)
    System.Resources.ResourceManager (4.3)
    System.Runtime (4.3) - redirects: off
    System.Runtime.CompilerServices.Unsafe (4.4)
    System.Runtime.Extensions (4.3) - redirects: off
    System.Runtime.Handles (4.3)
    System.Runtime.InteropServices (4.3) - redirects: off
      System.Runtime (>= 4.3)
    System.Runtime.InteropServices.RuntimeInformation (4.3)
    System.Runtime.Numerics (4.3)
    System.Security.Cryptography.Algorithms (4.3.1) - redirects: off
      System.IO (>= 4.3)
      System.Runtime (>= 4.3)
      System.Security.Cryptography.Encoding (>= 4.3)
      System.Security.Cryptography.Primitives (>= 4.3)
    System.Security.Cryptography.Encoding (4.3)
    System.Security.Cryptography.Primitives (4.3) - redirects: off
    System.Security.Cryptography.X509Certificates (4.3.2)
      System.Security.Cryptography.Algorithms (>= 4.3)
      System.Security.Cryptography.Encoding (>= 4.3)
    System.Text.Encoding (4.3)
    System.Text.Encoding.CodePages (4.4) - redirects: off
    System.Text.Encoding.Extensions (4.3)
    System.Text.RegularExpressions (4.3)
    System.Threading (4.3)
    System.Threading.Tasks (4.3)
    System.Threading.Tasks.Dataflow (4.8)
    System.Threading.Tasks.Extensions (4.4) - redirects: off
    System.Threading.Tasks.Parallel (4.3)
    System.Threading.Thread (4.3)
    System.Threading.Timer (4.3)
    System.ValueTuple (4.4) - redirects: off
    System.Xml.ReaderWriter (4.3.1)
    System.Xml.XDocument (4.3)
    System.Xml.XmlDocument (4.3)
    System.Xml.XPath (4.3) - redirects: off
    System.Xml.XPath.XDocument (4.3) - redirects: off
      System.Xml.XPath (>= 4.3)
    ZooKeeperNetEx (3.4.10.1)
